GEM
  remote: http://rubygems.org/
  specs:
    aasm (2.1.5)
    actionmailer (2.3.8)
      actionpack (= 2.3.8)
    actionpack (2.3.8)
      activesupport (= 2.3.8)
      rack (~> 1.1.0)
    activerecord (2.3.8)
      activesupport (= 2.3.8)
    activerecord-jdbc-adapter (0.9.7-java)
    activerecord-jdbcpostgresql-adapter (0.9.7-java)
      activerecord-jdbc-adapter (= 0.9.7)
      jdbc-postgres (>= 8.4.701)
    activeresource (2.3.8)
      activesupport (= 2.3.8)
    activesupport (2.3.8)
    ancestry (1.2.3)
      activerecord (>= 2.2.2)
    authlogic (2.1.5)
      activesupport
    awesome_print (0.2.1)
    aws (2.3.21)
      http_connection
      uuidtools
      xml-simple
    blockenspiel (0.4.1-java)
    bouncy-castle-java (1.5.0145.2)
    compass (0.10.5)
      haml (>= 3.0.4)
    compass-960-plugin (0.10.0)
      compass (>= 0.10.0)
    email_spec (0.6.3)
    factory_girl (1.3.2)
    haml (3.0.15)
    http_connection (1.4.0)
    jdbc-postgres (8.4.702-java)
    jruby-openssl (0.7.1)
      bouncy-castle-java
    json (1.4.6-java)
    maruku (0.6.0)
      syntax (>= 1.0.0)
    mime-types (1.16)
    nokogiri (1.5.0.beta.2-java)
    org.torquebox.rake-support (1.0.0.Beta23)
    org.torquebox.torquebox-messaging-client (1.0.0.Beta23-java)
      org.torquebox.torquebox-naming-client (= 1.0.0.Beta23)
    org.torquebox.torquebox-naming-client (1.0.0.Beta23-java)
    org.torquebox.vfs (1.0.0.Beta23)
    paperclip (2.3.3)
      activerecord
      activesupport
    proxies (0.2.1)
    rack (1.1.0)
    rails (2.3.8)
      actionmailer (= 2.3.8)
      actionpack (= 2.3.8)
      activerecord (= 2.3.8)
      activeresource (= 2.3.8)
      activesupport (= 2.3.8)
      rake (>= 0.8.3)
    rake (0.8.7)
    rcov (0.9.8-java)
    rest-client (1.6.1)
      mime-types (>= 1.16)
    rspec (1.3.0)
    rspec-rails (1.3.2)
      rack (>= 1.0.0)
      rspec (>= 1.3.0)
    s3 (0.3.4)
      proxies
    shoulda (2.11.3)
    simple-navigation (2.6.0)
    ssl_requirement (0.1.0)
    steamcannon-deltacloud-client (0.0.9.7.2-java)
      nokogiri (>= 1.5.0.beta.2)
      rest-client (>= 1.4.2)
    syntax (1.0.0)
    tobias-railroad (0.10.0)
    uuidtools (2.1.1)
    versionomy (0.4.0)
      blockenspiel (>= 0.3.1)
    xml-simple (1.0.12)

PLATFORMS
  java

DEPENDENCIES
  aasm (= 2.1.5)
  activerecord-jdbcpostgresql-adapter (= 0.9.7)
  ancestry (= 1.2.3)
  authlogic (= 2.1.5)
  awesome_print (= 0.2.1)
  aws (= 2.3.21)
  compass (= 0.10.5)
  compass-960-plugin (= 0.10.0)
  email_spec (= 0.6.3)
  factory_girl (= 1.3.2)
  haml (= 3.0.15)
  http_connection (= 1.4.0)
  jruby-openssl (= 0.7.1)
  json (= 1.4.6)
  maruku (= 0.6.0)
  org.torquebox.rake-support
  org.torquebox.torquebox-messaging-client
  org.torquebox.vfs
  paperclip (= 2.3.3)
  rails (= 2.3.8)
  rcov (= 0.9.8)
  rest-client (~> 1.6.0)
  rspec (= 1.3.0)
  rspec-rails (= 1.3.2)
  s3 (= 0.3.4)
  shoulda (= 2.11.3)
  simple-navigation (= 2.6.0)
  ssl_requirement (= 0.1.0)
  steamcannon-deltacloud-client (= 0.0.9.7.2)
  tobias-railroad (= 0.10.0)
  versionomy (= 0.4.0)
